PATH
  remote: .
  specs:
    zmk-keymap_formatter (0.1.0)

GEM
  remote: https://rubygems.org/
  specs:
    io-console (0.5.9)
    irb (1.3.6)
      reline (>= 0.2.5)
    rake (13.0.3)
    reline (0.2.6)
      io-console (~> 0.5)

PLATFORMS
  x86_64-linux

DEPENDENCIES
  irb
  rake (~> 13.0)
  zmk-keymap_formatter!

BUNDLED WITH
   2.2.20
